GEM
  remote: https://rubygems.org/
  specs:

PLATFORMS
  universal-darwin-19

DEPENDENCIES

BUNDLED WITH
   2.2.9
